GIT
  remote: https://github.com/nutnatka/RubyHW/
  revision: dec8ac56f5dc1c60710d4e9f7444bf459b4617e2
  glob: HW3/gem2/*.gemspec
  specs:
    htmlgem (0.0.1)

GEM
  remote: https://rubygems.org/
  specs:

PLATFORMS
  x64-mingw32

DEPENDENCIES
  htmlgem!

BUNDLED WITH
   2.2.32
