GIT
  remote: https://github.com/nutnatka/RubyHW/
  revision: 9d22add592b80f49697bfcb814977d09bc8710cc
  glob: HW3/gem2/*.gemspec
  specs:
    htmlgem (0.0.1)

GEM
  specs:

PLATFORMS
  x64-mingw32

DEPENDENCIES
  htmlgem!

BUNDLED WITH
   2.2.32
